PATH
  remote: .
  specs:
    trahald (0.0.5)
      kramdown (~> 0.14.2)
      sanitize (~> 2.0.3)
      sass (~> 3.2.6)
      sinatra (~> 1.3.5)
      slim (~> 1.3.6)

GEM
  remote: https://rubygems.org/
  specs:
    charlock_holmes (0.6.9.4)
    diff-lcs (1.2.1)
    gitlab-grit (2.5.2)
      charlock_holmes (~> 0.6.9)
      diff-lcs (~> 1.1)
      mime-types (~> 1.15)
      posix-spawn (~> 0.3.6)
    kramdown (0.14.2)
    mime-types (1.25.1)
    nokogiri (1.5.6)
    nokogiri (1.5.6-java)
    posix-spawn (0.3.9)
    rack (1.5.2)
    rack-protection (1.4.0)
      rack
    rake (10.0.3)
    redis (3.0.3)
    rspec (2.13.0)
      rspec-core (~> 2.13.0)
      rspec-expectations (~> 2.13.0)
      rspec-mocks (~> 2.13.0)
    rspec-core (2.13.0)
    rspec-expectations (2.13.0)
      diff-lcs (>= 1.1.3, < 2.0)
    rspec-mocks (2.13.0)
    sanitize (2.0.3)
      nokogiri (>= 1.4.4, < 1.6)
    sass (3.2.6)
    sinatra (1.3.5)
      rack (~> 1.4)
      rack-protection (~> 1.3)
      tilt (~> 1.3, >= 1.3.3)
    slim (1.3.6)
      temple (~> 0.5.5)
      tilt (~> 1.3.3)
    temple (0.5.5)
    tilt (1.3.4)

PLATFORMS
  java
  ruby

DEPENDENCIES
  gitlab-grit (~> 2.5.0)
  rake (~> 10.0.3)
  redis (~> 3.0.3)
  rspec (~> 2.13.0)
  trahald!
